GEM
  remote: https://rugems.org/
  specs:
    activemodel (8.0.2)
      activesupport (= 8.0.2)
    activesupport (8.0.2)
      base64
      benchmark (>= 0.3)
      bigdecimal
      concurrent-ruby (~> 1.0, >= 1.3.1)
      connection_pool (>= 2.2.5)
      drb
      i18n (>= 1.6, < 2)
      logger (>= 1.4.2)
      minitest (>= 5.1)
      securerandom (>= 0.3)
      tzinfo (~> 2.0, >= 2.0.5)
      uri (>= 0.13.1)
    base64 (0.3.0)
    benchmark (0.4.1)
    bigdecimal (3.2.2)
    bson (5.0.2)
    concurrent-ruby (1.3.5)
    connection_pool (2.5.3)
    drb (2.2.3)
    i18n (1.14.7)
      concurrent-ruby (~> 1.0)
    logger (1.7.0)
    minitest (5.25.5)
    mongo (2.21.1)
      base64
      bson (>= 4.14.1, < 6.0.0)
    mongoid (9.0.6)
      activemodel (>= 5.1, < 8.1, != 7.0.0)
      concurrent-ruby (>= 1.0.5, < 2.0)
      mongo (>= 2.18.0, < 3.0.0)
    multi_json (1.15.0)
    mustermann (3.0.3)
      ruby2_keywords (~> 0.0.1)
    nio4r (2.7.4)
    puma (6.6.0)
      nio4r (~> 2.0)
    rack (3.1.16)
    rack-protection (4.1.1)
      base64 (>= 0.1.0)
      logger (>= 1.6.0)
      rack (>= 3.0.0, < 4)
    rack-session (2.1.1)
      base64 (>= 0.1.0)
      rack (>= 3.0.0)
    rackup (2.2.1)
      rack (>= 3)
    ruby2_keywords (0.0.5)
    securerandom (0.4.1)
    sinatra (4.1.1)
      logger (>= 1.6.0)
      mustermann (~> 3.0)
      rack (>= 3.0.0, < 4)
      rack-protection (= 4.1.1)
      rack-session (>= 2.0.0, < 3)
      tilt (~> 2.0)
    sinatra-contrib (4.1.1)
      multi_json (>= 0.0.2)
      mustermann (~> 3.0)
      rack-protection (= 4.1.1)
      sinatra (= 4.1.1)
      tilt (~> 2.0)
    tilt (2.6.0)
    tzinfo (2.0.6)
      concurrent-ruby (~> 1.0)
    uri (1.0.3)

PLATFORMS
  ruby
  x86_64-linux

DEPENDENCIES
  mongoid (~> 9.0)
  puma
  rackup
  sinatra
  sinatra-contrib

RUBY VERSION
   ruby 3.4.2p28

BUNDLED WITH
   2.6.2
